PATH
  remote: .
  specs:
    quote-cli (0.1.0)

GEM
  remote: https://rubygems.org/
  specs:
    coderay (1.1.2)
    colorize (0.8.1)
    method_source (0.9.2)
    mini_portile2 (2.4.0)
    nokogiri (1.10.8)
      mini_portile2 (~> 2.4.0)
    pry (0.12.2)
      coderay (~> 1.1.0)
      method_source (~> 0.9.0)
    rake (10.5.0)
    table_print (1.5.6)

PLATFORMS
  ruby

DEPENDENCIES
  bundler (~> 2.0)
  colorize
  nokogiri
  pry
  quote-cli!
  rake (~> 10.0)
  table_print

BUNDLED WITH
   2.0.1
